PATH
  remote: .
  specs:
    real_page_calc (0.1.0)
      hanami-cli (~> 0.3.0.beta1)

GEM
  remote: https://rubygems.org/
  specs:
    concurrent-ruby (1.0.5)
    diff-lcs (1.3)
    hanami-cli (0.3.0.beta1)
      concurrent-ruby (~> 1.0)
      hanami-utils (~> 1.3.beta)
    hanami-utils (1.3.0.beta1)
      concurrent-ruby (~> 1.0)
      transproc (~> 1.0)
    rake (10.5.0)
    rspec (3.7.0)
      rspec-core (~> 3.7.0)
      rspec-expectations (~> 3.7.0)
      rspec-mocks (~> 3.7.0)
    rspec-core (3.7.0)
      rspec-support (~> 3.7.0)
    rspec-expectations (3.7.0)
      diff-lcs (>= 1.2.0, < 2.0)
      rspec-support (~> 3.7.0)
    rspec-mocks (3.7.0)
      diff-lcs (>= 1.2.0, < 2.0)
      rspec-support (~> 3.7.0)
    rspec-support (3.7.0)
    transproc (1.0.2)

PLATFORMS
  ruby

DEPENDENCIES
  bundler (~> 1.16)
  rake (~> 10.0)
  real_page_calc!
  rspec (~> 3.0)

BUNDLED WITH
   1.16.1
